GIT
  remote: git@github.com:Shopify/shopify_theme.git
  revision: 25e3b8ce0d88b035ac35242fc6404b835b6fbc99
  specs:
    shopify_theme (0.0.21)
      filewatcher
      httparty (~> 0.13.0)
      json (~> 1.8.0)
      launchy
      mimemagic
      thor (>= 0.14.4)

GEM
  remote: https://rubygems.org/
  specs:
    addressable (2.3.6)
    filewatcher (0.3.4)
      trollop (~> 2.0)
    httparty (0.13.1)
      json (~> 1.8)
      multi_xml (>= 0.5.2)
    json (1.8.1)
    launchy (2.4.2)
      addressable (~> 2.3)
    mimemagic (0.2.1)
    multi_xml (0.5.5)
    thor (0.19.1)
    trollop (2.0)

PLATFORMS
  ruby

DEPENDENCIES
  shopify_theme!
